GEM
  remote: https://rubygems.org/
  specs:
    chronic (0.10.2)
    firebase (0.2.6)
      httpclient
      json
    httpclient (2.8.3)
    json (2.3.1)
    mustermann (1.0.0)
    rack (2.0.6)
    rack-protection (2.0.0)
      rack
    sinatra (2.0.2)
      mustermann (~> 1.0)
      rack (~> 2.0)
      rack-protection (= 2.0.0)
      tilt (~> 2.0)
    tilt (2.0.7)

PLATFORMS
  ruby

DEPENDENCIES
  chronic
  firebase
  sinatra

BUNDLED WITH
   1.15.1
